GEM
  remote: http://rubygems.org/
  specs:
    awesome_print (1.0.2)
    capistrano (2.13.4)
      highline
      net-scp (>= 1.0.0)
      net-sftp (>= 2.0.0)
      net-ssh (>= 2.0.14)
      net-ssh-gateway (>= 1.1.0)
    highline (1.6.15)
    net-scp (1.0.4)
      net-ssh (>= 1.99.1)
    net-sftp (2.0.5)
      net-ssh (>= 2.0.9)
    net-ssh (2.6.1)
    net-ssh-gateway (1.1.0)
      net-ssh (>= 1.99.1)
    next_muni (0.1.5)
    rack (1.4.1)
    rack-protection (1.2.0)
      rack
    rvm-capistrano (1.2.7)
      capistrano (>= 2.0.0)
    shotgun (0.9)
      rack (>= 1.0)
    sinatra (1.3.2)
      rack (~> 1.3, >= 1.3.6)
      rack-protection (~> 1.2)
      tilt (~> 1.3, >= 1.3.3)
    tilt (1.3.3)

PLATFORMS
  ruby

DEPENDENCIES
  awesome_print
  next_muni
  rvm-capistrano
  shotgun
  sinatra
